PATH
  remote: .
  specs:
    sms_sender_resalty (0.0.1)

GEM
  remote: https://rubygems.org/
  specs:

PLATFORMS
  ruby

DEPENDENCIES
  sms_sender_resalty!
